GEM
  remote: https://rubygems.org/
  specs:
    minitest (5.14.2)
    yaml (0.1.0)

PLATFORMS
  ruby

DEPENDENCIES
  minitest (~> 5.14)
  yaml (~> 0.1.0)

BUNDLED WITH
   2.1.4
